PATH
  remote: .
  specs:
    numbertouch (0.1.0)

GEM
  remote: https://rubygems.org/
  specs:
    rake (13.0.6)

PLATFORMS
  ruby

DEPENDENCIES
  numbertouch!
  rake (~> 13.0)

BUNDLED WITH
   2.3.6
